GEM
  remote: https://rubygems.org/
  specs:
    backports (3.10.3)
    multi_json (1.12.2)
    mustermann (1.0.1)
    puma (3.10.0)
    rack (2.0.3)
    rack-protection (2.0.0)
      rack
    ruby-ole (1.2.12.1)
    sinatra (2.0.0)
      mustermann (~> 1.0)
      rack (~> 2.0)
      rack-protection (= 2.0.0)
      tilt (~> 2.0)
    sinatra-contrib (2.0.0)
      backports (>= 2.0)
      multi_json
      mustermann (~> 1.0)
      rack-protection (= 2.0.0)
      sinatra (= 2.0.0)
      tilt (>= 1.3, < 3)
    spreadsheet (1.1.4)
      ruby-ole (>= 1.0)
    tilt (2.0.8)

PLATFORMS
  ruby

DEPENDENCIES
  puma (~> 3.10.0)
  sinatra (~> 2.0.0)
  sinatra-contrib (~> 2.0.0)
  spreadsheet (~> 1.1.4)

BUNDLED WITH
   1.15.4
